PATH
  remote: .
  specs:
    rmrwr (0.0.1)

GEM
  remote: https://rubygems.org/
  specs:
    power_assert (1.1.1)
    rake (12.3.1)
    test-unit (3.2.8)
      power_assert

PLATFORMS
  ruby

DEPENDENCIES
  bundler (~> 1.16)
  rake (~> 12.0)
  rmrwr!
  test-unit (~> 3.2.8)

BUNDLED WITH
   1.16.2
